PATH
  remote: .
  specs:
    screenomat (0.0.1)

GEM
  remote: http://rubygems.org/
  specs:
    ZenTest (4.4.1)
    autotest (4.4.6)
      ZenTest (>= 4.4.1)
    diff-lcs (1.1.2)
    mocha (0.9.10)
      rake
    rake (0.8.7)
    rspec (2.2.0)
      rspec-core (~> 2.2)
      rspec-expectations (~> 2.2)
      rspec-mocks (~> 2.2)
    rspec-core (2.2.1)
    rspec-expectations (2.2.0)
      diff-lcs (~> 1.1.2)
    rspec-mocks (2.2.0)

PLATFORMS
  ruby

DEPENDENCIES
  autotest
  bundler (>= 1.0.0)
  mocha
  rspec
  screenomat!
